GEM
  remote: https://rubygems.org/
  specs:
    yard (0.8.7.6)

PLATFORMS
  ruby

DEPENDENCIES
  yard

BUNDLED WITH
   1.11.2
